GEM
  remote: https://rubygems.org/
  specs:
    base64 (0.1.1)
    bcrypt (3.1.18)
    dotenv (2.8.1)
    json (2.6.3)
    pg (1.5.4-x64-mingw-ucrt)
    webrick (1.3.1)

PLATFORMS
  x64-mingw-ucrt

DEPENDENCIES
  base64 (= 0.1.1)
  bcrypt (= 3.1.18)
  dotenv
  json (= 2.6.3)
  pg (= 1.5.4)
  webrick (= 1.3.1)

BUNDLED WITH
   2.4.10
